GEM
  remote: https://rubygems.org/
  specs:
    concurrent-ruby (1.0.2)
    connection_pool (2.2.0)
    rack (1.6.4)
    rack-protection (1.5.3)
      rack
    redis (3.3.0)
    sidekiq (4.0.1)
      concurrent-ruby (~> 1.0)
      connection_pool (~> 2.2, >= 2.2.0)
      redis (~> 3.2, >= 3.2.1)
      json (~> 1.0)
    sinatra (1.4.7)
      rack (~> 1.5)
      rack-protection (~> 1.4)
      tilt (>= 1.3, < 3)
    tilt (2.0.2)

PLATFORMS
  ruby

DEPENDENCIES
  sidekiq
  sinatra (~> 1.4)

BUNDLED WITH
   1.10.6
